GEM
  remote: https://rubygems.org/
  specs:
    addressable (2.7.0)
      public_suffix (>= 2.0.2, < 5.0)
    ast (2.4.0)
    capybara (3.29.0)
      addressable
      mini_mime (>= 0.1.3)
      nokogiri (~> 1.8)
      rack (>= 1.6.0)
      rack-test (>= 0.6.3)
      regexp_parser (~> 1.5)
      xpath (~> 3.2)
    cliver (0.3.2)
    diff-lcs (1.3)
    docker-api (1.34.2)
      excon (>= 0.47.0)
      multi_json
    docker-compose-api (1.1.8)
      docker-api (~> 1.33)
    dockerspec (0.5.0)
      docker-api (~> 1.22)
      docker-compose-api (~> 1.0)
      erubis (~> 2.0)
      infrataster (~> 0.3.0)
      rspec (~> 3.0)
      rspec-its (~> 1.0)
      rspec-retry (~> 0.5.3)
      serverspec (~> 2.24)
      specinfra-backend-docker_compose (~> 0.1.0)
      specinfra-backend-docker_lxc (~> 0.2.0)
    erubis (2.7.0)
    excon (0.68.0)
    faraday (0.17.0)
      multipart-post (>= 1.2, < 3)
    faraday_middleware (0.13.1)
      faraday (>= 0.7.4, < 1.0)
    infrataster (0.3.2)
      capybara
      faraday
      faraday_middleware (>= 0.10.0)
      net-ssh
      net-ssh-gateway
      poltergeist
      rspec (>= 2.0, < 4.0)
      thor
    jaro_winkler (1.5.2)
    jaro_winkler (1.5.2-java)
    mini_mime (1.0.2)
    mini_portile2 (2.4.0)
    multi_json (1.14.1)
    multipart-post (2.1.1)
    net-scp (2.0.0)
      net-ssh (>= 2.6.5, < 6.0.0)
    net-ssh (5.2.0)
    net-ssh-gateway (2.0.0)
      net-ssh (>= 4.0.0)
    net-telnet (0.1.1)
    nokogiri (1.10.5)
      mini_portile2 (~> 2.4.0)
    nokogiri (1.10.5-java)
    parallel (1.13.0)
    parser (2.6.0.0)
      ast (~> 2.4.0)
    poltergeist (1.18.1)
      capybara (>= 2.1, < 4)
      cliver (~> 0.3.1)
      websocket-driver (>= 0.2.0)
    powerpack (0.1.2)
    public_suffix (4.0.1)
    rack (2.0.7)
    rack-test (1.1.0)
      rack (>= 1.0, < 3)
    rainbow (3.0.0)
    rake (12.3.2)
    regexp_parser (1.6.0)
    rspec (3.9.0)
      rspec-core (~> 3.9.0)
      rspec-expectations (~> 3.9.0)
      rspec-mocks (~> 3.9.0)
    rspec-core (3.9.0)
      rspec-support (~> 3.9.0)
    rspec-expectations (3.9.0)
      diff-lcs (>= 1.2.0, < 2.0)
      rspec-support (~> 3.9.0)
    rspec-its (1.3.0)
      rspec-core (>= 3.0.0)
      rspec-expectations (>= 3.0.0)
    rspec-mocks (3.9.0)
      diff-lcs (>= 1.2.0, < 2.0)
      rspec-support (~> 3.9.0)
    rspec-retry (0.5.7)
      rspec-core (> 3.3)
    rspec-support (3.9.0)
    rubocop (0.58.2)
      jaro_winkler (~> 1.5.1)
      parallel (~> 1.10)
      parser (>= 2.5, != 2.5.1.1)
      powerpack (~> 0.1)
      rainbow (>= 2.2.2, < 4.0)
      ruby-progressbar (~> 1.7)
      unicode-display_width (~> 1.0, >= 1.0.1)
    rubocop-rspec (1.22.2)
      rubocop (>= 0.52.1)
    ruby-progressbar (1.10.0)
    serverspec (2.41.5)
      multi_json
      rspec (~> 3.0)
      rspec-its
      specinfra (~> 2.72)
    sfl (2.3)
    specinfra (2.82.4)
      net-scp
      net-ssh (>= 2.7)
      net-telnet (= 0.1.1)
      sfl
    specinfra-backend-docker_compose (0.1.0)
      docker-compose-api (~> 1.0)
      specinfra (~> 2.13)
      specinfra-backend-docker_lxc (~> 0.2.0)
    specinfra-backend-docker_lxc (0.2.0)
      specinfra (~> 2.13)
    thor (0.20.3)
    unicode-display_width (1.4.1)
    websocket-driver (0.7.1)
      websocket-extensions (>= 0.1.0)
    websocket-driver (0.7.1-java)
      websocket-extensions (>= 0.1.0)
    websocket-extensions (0.1.4)
    xpath (3.2.0)
      nokogiri (~> 1.8)

PLATFORMS
  java
  ruby

DEPENDENCIES
  dockerspec (~> 0.5.0)
  jaro_winkler (~> 1.5.2)
  mini_portile2 (~> 2.4.0)
  nokogiri (~> 1.10.5)
  rake (~> 12.3.2)
  rubocop (~> 0.58.2)
  rubocop-rspec (~> 1.22.2)
  websocket-driver (~> 0.7.0)

BUNDLED WITH
   1.17.3
